PATH
  remote: .
  specs:
    catpix (0.2.0)
      docopt (~> 0.5, >= 0.5.0)
      rmagick (~> 2.15, >= 2.15.2)
      ruby-terminfo (~> 0.1, >= 0.1.1)
      tco (~> 0.1, >= 0.1.8)

GEM
  remote: https://rubygems.org/
  specs:
    docopt (0.6.0)
    rake (10.5.0)
    rmagick (2.16.0)
    ruby-terminfo (0.1.1)
    tco (0.1.8)

PLATFORMS
  ruby

DEPENDENCIES
  bundler (~> 1.6)
  catpix!
  rake (~> 10.4)

BUNDLED WITH
   1.15.0
