PATH
  remote: .
  specs:
    catpix_minimagick_hd (0.1.0)
      docopt (~> 0.5, >= 0.5.0)
      mini_magick (~> 4.7.0, >= 4.7.0)
      ruby-terminfo (~> 0.1, >= 0.1.1)
      tco (~> 0.1, >= 0.1.8)

GEM
  remote: https://rubygems.org/
  specs:
    docopt (0.6.0)
    mini_magick (4.7.0)
    rake (10.5.0)
    ruby-terminfo (0.1.1)
    tco (0.1.8)

PLATFORMS
  ruby

DEPENDENCIES
  bundler (~> 1.6)
  catpix_minimagick_hd!
  rake (~> 10.4)

BUNDLED WITH
   1.15.0
